GIT
  remote: git://github.com/tobmatth/rack-ssl-enforcer.git
  revision: 4e5bdac7af35e1e91f3b62d373b2105236301043
  specs:
    rack-ssl-enforcer (0.2.8)

GEM
  remote: http://rubygems.org/
  specs:
    actionmailer (3.2.16)
      actionpack (= 3.2.16)
      mail (~> 2.5.4)
    actionpack (3.2.16)
      activemodel (= 3.2.16)
      activesupport (= 3.2.16)
      builder (~> 3.0.0)
      erubis (~> 2.7.0)
      journey (~> 1.0.4)
      rack (~> 1.4.5)
      rack-cache (~> 1.2)
      rack-test (~> 0.6.1)
      sprockets (~> 2.2.1)
    active_utils (2.2.3)
      activesupport (>= 2.3.11)
      i18n
    activemerchant (1.44.1)
      active_utils (~> 2.2.0)
      activesupport (>= 3.2.14, < 5.0.0)
      builder (>= 2.1.2, < 4.0.0)
      i18n (>= 0.6.9)
      json (~> 1.7)
      nokogiri (~> 1.4)
      offsite_payments (~> 2.0.0)
    activemodel (3.2.16)
      activesupport (= 3.2.16)
      builder (~> 3.0.0)
    activerecord (3.2.16)
      activemodel (= 3.2.16)
      activesupport (= 3.2.16)
      arel (~> 3.0.2)
      tzinfo (~> 0.3.29)
    activeresource (3.2.16)
      activemodel (= 3.2.16)
      activesupport (= 3.2.16)
    activesupport (3.2.16)
      i18n (~> 0.6, >= 0.6.4)
      multi_json (~> 1.0)
    annotate (2.6.5)
      activerecord (>= 2.3.0)
      rake (>= 0.8.7)
    area (0.10.0)
      fastercsv (~> 1.5)
    arel (3.0.3)
    aws-sdk (1.54.0)
      aws-sdk-v1 (= 1.54.0)
    aws-sdk-v1 (1.54.0)
      json (~> 1.4)
      nokogiri (>= 1.4.4)
    bcrypt (3.1.7)
    bcrypt-ruby (3.0.1)
    better_errors (2.0.0)
      coderay (>= 1.0.0)
      erubis (>= 2.6.6)
      rack (>= 0.9.0)
    binding_of_caller (0.7.2)
      debug_inspector (>= 0.0.1)
    bootstrap-multiselect-rails (0.0.4)
      railties (>= 3.2.0, < 5.0)
    bootstrap-sass (3.0.3.0)
      sass (~> 3.2)
    bootstrap-timepicker-rails (0.1.3)
      railties (>= 3.0)
    bootstrap-will_paginate (0.0.10)
      will_paginate
    browser-timezone-rails (0.0.8)
      jquery-rails
      rails (>= 3.1)
    builder (3.0.4)
    callsite (0.0.11)
    capybara (2.4.3)
      mime-types (>= 1.16)
      nokogiri (>= 1.3.3)
      rack (>= 1.0.0)
      rack-test (>= 0.5.4)
      xpath (~> 2.0)
    chronic (0.10.2)
    climate_control (0.0.3)
      activesupport (>= 3.0)
    cocaine (0.5.4)
      climate_control (>= 0.0.3, < 1.0)
    coderay (1.1.0)
    coffee-rails (3.2.2)
      coffee-script (>= 2.2.0)
      railties (~> 3.2.0)
    coffee-script (2.3.0)
      coffee-script-source
      execjs
    coffee-script-source (1.8.0)
    commander (4.2.1)
      highline (~> 1.6.11)
    country-select (1.1.1)
    cucumber (1.3.17)
      builder (>= 2.1.2)
      diff-lcs (>= 1.1.3)
      gherkin (~> 2.12)
      multi_json (>= 1.7.5, < 2.0)
      multi_test (>= 0.1.1)
    cucumber-rails (1.4.1)
      capybara (>= 1.1.2, < 3)
      cucumber (>= 1.3.8, < 2)
      mime-types (~> 1.16)
      nokogiri (~> 1.5)
      rails (>= 3, < 5)
    daemons (1.1.9)
    debug_inspector (0.0.2)
    devise (3.3.0)
      bcrypt (~> 3.0)
      orm_adapter (~> 0.1)
      railties (>= 3.2.6, < 5)
      thread_safe (~> 0.1)
      warden (~> 1.2.3)
    diff-lcs (1.2.5)
    erubis (2.7.0)
    eventmachine (1.0.3)
    excon (0.39.6)
    execjs (2.2.1)
    factory_girl (4.4.0)
      activesupport (>= 3.0.0)
    factory_girl_rails (4.4.1)
      factory_girl (~> 4.4.0)
      railties (>= 3.0.0)
    faker (1.0.1)
      i18n (~> 0.4)
    fast-stemmer (1.0.2)
    fastercsv (1.5.5)
    fog (1.23.0)
      fog-brightbox
      fog-core (~> 1.23)
      fog-json
      fog-softlayer
      ipaddress (~> 0.5)
      nokogiri (~> 1.5, >= 1.5.11)
    fog-brightbox (0.5.1)
      fog-core (~> 1.22)
      fog-json
      inflecto
    fog-core (1.24.0)
      builder
      excon (~> 0.38)
      formatador (~> 0.2)
      mime-types
      net-scp (~> 1.1)
      net-ssh (>= 2.1.3)
    fog-json (1.0.0)
      multi_json (~> 1.0)
    fog-softlayer (0.3.18)
      fog-core
      fog-json
    formatador (0.2.5)
    gherkin (2.12.2)
      multi_json (~> 1.3)
    gravatar_image_tag (1.0.0.pre2)
    highline (1.6.21)
    hike (1.2.3)
    houston (2.2.1)
      commander (~> 4.1)
      json
    i18n (0.6.11)
    inflecto (0.0.2)
    ipaddress (0.8.0)
    journey (1.0.4)
    jquery-fileupload-rails (0.4.1)
      actionpack (>= 3.1)
      railties (>= 3.1)
    jquery-rails (2.3.0)
      railties (>= 3.0, < 5.0)
      thor (>= 0.14, < 2.0)
    json (1.8.1)
    mail (2.5.4)
      mime-types (~> 1.16)
      treetop (~> 1.4.8)
    mediaelement_rails (0.8.0)
      jquery-rails (>= 1.0)
      railties (>= 3.1)
    meta_request (0.3.4)
      callsite (~> 0.0, >= 0.0.11)
      rack-contrib (~> 1.1)
      railties (>= 3.0.0, < 5.0.0)
    mime-types (1.25.1)
    mini_portile (0.6.0)
    momentjs-rails (2.8.3)
      railties (>= 3.1)
    money (6.3.0)
      i18n (>= 0.6.4, <= 0.7.0.dev)
    mongoid (3.1.6)
      activemodel (~> 3.2)
      moped (~> 1.4)
      origin (~> 1.0)
      tzinfo (~> 0.3.29)
    mongoid-paperclip (0.0.9)
      paperclip (>= 2.3.6)
    mongoid-rspec (1.11.0)
      mongoid (~> 3.1.6)
      rake
      rspec (>= 2.14)
    mongoid_search (0.3.2)
      fast-stemmer (~> 1.0.0)
      mongoid (>= 3.0.0)
    moped (1.5.2)
    multi_json (1.10.1)
    multi_test (0.1.1)
    net-scp (1.2.1)
      net-ssh (>= 2.6.5)
    net-ssh (2.9.1)
    newrelic_rpm (3.9.4.245)
    nokogiri (1.6.3.1)
      mini_portile (= 0.6.0)
    offsite_payments (2.0.1)
      active_utils (~> 2.2.0)
      activesupport (>= 3.2.14, < 5.0.0)
      builder (>= 2.1.2, < 4.0.0)
      i18n (~> 0.5)
      json (~> 1.7)
      money (< 7.0.0)
      nokogiri (~> 1.4)
    origin (1.1.0)
    orm_adapter (0.5.0)
    paperclip (4.2.0)
      activemodel (>= 3.0.0)
      activesupport (>= 3.0.0)
      cocaine (~> 0.5.3)
      mime-types
    pg (0.12.2)
    polyglot (0.3.5)
    rabl (0.11.0)
      activesupport (>= 2.3.14)
    rack (1.4.5)
    rack-cache (1.2)
      rack (>= 0.4)
    rack-contrib (1.1.0)
      rack (>= 0.9.1)
    rack-protection (1.5.3)
      rack
    rack-ssl (1.3.4)
      rack
    rack-test (0.6.2)
      rack (>= 1.0)
    rails (3.2.16)
      actionmailer (= 3.2.16)
      actionpack (= 3.2.16)
      activerecord (= 3.2.16)
      activeresource (= 3.2.16)
      activesupport (= 3.2.16)
      bundler (~> 1.0)
      railties (= 3.2.16)
    rails_12factor (0.0.2)
      rails_serve_static_assets
      rails_stdout_logging
    rails_serve_static_assets (0.0.2)
    rails_stdout_logging (0.0.3)
    railties (3.2.16)
      actionpack (= 3.2.16)
      activesupport (= 3.2.16)
      rack-ssl (~> 1.3.2)
      rake (>= 0.8.7)
      rdoc (~> 3.4)
      thor (>= 0.14.6, < 2.0)
    rake (10.3.2)
    rdoc (3.12.2)
      json (~> 1.4)
    redis (3.1.0)
    redis-namespace (1.5.1)
      redis (~> 3.0, >= 3.0.4)
    resque (1.22.0)
      multi_json (~> 1.0)
      redis-namespace (~> 1.0)
      sinatra (>= 0.9.2)
      vegas (~> 0.1.2)
    rmagick (2.13.3)
    rspec (3.1.0)
      rspec-core (~> 3.1.0)
      rspec-expectations (~> 3.1.0)
      rspec-mocks (~> 3.1.0)
    rspec-core (3.1.4)
      rspec-support (~> 3.1.0)
    rspec-expectations (3.1.2)
      diff-lcs (>= 1.2.0, < 2.0)
      rspec-support (~> 3.1.0)
    rspec-mocks (3.1.2)
      rspec-support (~> 3.1.0)
    rspec-rails (3.1.0)
      actionpack (>= 3.0)
      activesupport (>= 3.0)
      railties (>= 3.0)
      rspec-core (~> 3.1.0)
      rspec-expectations (~> 3.1.0)
      rspec-mocks (~> 3.1.0)
      rspec-support (~> 3.1.0)
    rspec-support (3.1.1)
    s3_direct_upload (0.1.7)
      coffee-rails (>= 3.1)
      jquery-fileupload-rails (~> 0.4.1)
      rails (>= 3.1)
      sass-rails (>= 3.1)
    sass (3.4.5)
    sass-rails (3.2.6)
      railties (~> 3.2.0)
      sass (>= 3.1.10)
      tilt (~> 1.3)
    simple_calendar (0.1.11)
      rails (>= 3.0)
    simple_form (2.1.1)
      actionpack (~> 3.0)
      activemodel (~> 3.0)
    sinatra (1.4.5)
      rack (~> 1.4)
      rack-protection (~> 1.4)
      tilt (~> 1.3, >= 1.3.4)
    sitemap_generator (5.0.5)
      builder
    sprockets (2.2.2)
      hike (~> 1.2)
      multi_json (~> 1.0)
      rack (~> 1.0)
      tilt (~> 1.1, != 1.3.0)
    sqlite3 (1.3.9)
    streamio-ffmpeg (1.0.0)
    thin (1.6.2)
      daemons (>= 1.0.9)
      eventmachine (>= 1.0.0)
      rack (>= 1.0.0)
    thor (0.19.1)
    thread_safe (0.3.4)
    tilt (1.4.1)
    treetop (1.4.15)
      polyglot
      polyglot (>= 0.3.1)
    tzinfo (0.3.41)
    uglifier (2.5.3)
      execjs (>= 0.3.0)
      json (>= 1.8.0)
    unf (0.1.4)
      unf_ext
    unf_ext (0.0.6)
    vegas (0.1.11)
      rack (>= 1.0.0)
    warden (1.2.3)
      rack (>= 1.0)
    whenever (0.9.2)
      activesupport (>= 2.3.4)
      chronic (>= 0.6.3)
    will_paginate (3.0.7)
    will_paginate_mongoid (2.0.1)
      mongoid
      will_paginate (~> 3.0)
    xpath (2.0.0)
      nokogiri (~> 1.3)

PLATFORMS
  ruby

DEPENDENCIES
  activemerchant
  annotate
  area
  aws-sdk
  bcrypt-ruby (= 3.0.1)
  better_errors
  binding_of_caller
  bootstrap-multiselect-rails
  bootstrap-sass (~> 3.0.3.0)
  bootstrap-timepicker-rails
  bootstrap-will_paginate
  browser-timezone-rails
  capybara
  coffee-rails (~> 3.2.1)
  country-select
  cucumber-rails
  devise
  factory_girl_rails
  faker (= 1.0.1)
  fog
  gravatar_image_tag (= 1.0.0.pre2)
  houston
  jquery-fileupload-rails
  jquery-rails (~> 2.3.0)
  json
  mediaelement_rails
  meta_request
  momentjs-rails
  mongoid
  mongoid-paperclip
  mongoid-rspec (~> 1.11.0)
  mongoid_search
  multi_json
  newrelic_rpm
  nokogiri
  pg (= 0.12.2)
  rabl
  rack-ssl-enforcer!
  rails (= 3.2.16)
  rails_12factor
  resque (~> 1.22.0)
  rmagick
  rspec-rails
  s3_direct_upload
  sass-rails (~> 3.2.3)
  simple_calendar (~> 0.1.5)
  simple_form
  sitemap_generator
  sqlite3
  streamio-ffmpeg
  thin
  uglifier (>= 1.0.3)
  unf
  whenever
  will_paginate
  will_paginate_mongoid
